GEM
  remote: https://rubygems.org/
  specs:
    activemodel (3.2.12)
      activesupport (= 3.2.12)
      builder (~> 3.0.0)
    activerecord (3.2.12)
      activemodel (= 3.2.12)
      activesupport (= 3.2.12)
      arel (~> 3.0.2)
      tzinfo (~> 0.3.29)
    activesupport (3.2.12)
      i18n (~> 0.6)
      multi_json (~> 1.0)
    arel (3.0.2)
    builder (3.0.4)
    i18n (0.6.1)
    logger (1.5.1)
    mime-types (1.21)
    multi_json (1.6.0)
    mysql2 (0.3.11)
    rest-client (1.6.7)
      mime-types (>= 1.16)
    tzinfo (0.3.61)

PLATFORMS
  ruby

DEPENDENCIES
  activerecord
  logger
  mysql2 (~> 0.3.10)
  rest-client
